GEM
  remote: https://rubygems.org/
  specs:
    cabin (0.8.1)
    daemons (1.2.3)
    eventmachine (1.0.8)
    httparty (0.14.0)
      multi_xml (>= 0.5.2)
    jsonpath (0.5.8)
      multi_json
    multi_json (1.12.1)
    multi_xml (0.6.0)
    rack (1.6.5)
    rack-protection (1.5.3)
      rack
    sinatra (1.4.7)
      rack (~> 1.5)
      rack-protection (~> 1.4)
      tilt (>= 1.3, < 3)
    thin (1.6.3)
      daemons (~> 1.0, >= 1.0.9)
      eventmachine (~> 1.0)
      rack (~> 1.0)
    tilt (2.0.5)
    zk (1.9.6)
      zookeeper (~> 1.4.0)
    zookeeper (1.4.11)

PLATFORMS
  ruby

DEPENDENCIES
  cabin
  httparty
  jsonpath
  sinatra
  thin
  zk
